GIT
  remote: git://github.com/jnicklas/capybara.git
  revision: dc07b69f62c2deac3445ab5a36e1df3f54391204
  specs:
    capybara (2.4.1)
      mime-types (>= 1.16)
      nokogiri (>= 1.3.3)
      rack (>= 1.0.0)
      rack-test (>= 0.5.4)
      xpath (~> 2.0)

GIT
  remote: git://github.com/jnicklas/turnip.git
  revision: 7facd23e198f58d6b09d52d002d4a867eb5feab0
  specs:
    turnip (1.2.4)
      gherkin (>= 2.5)
      rspec (>= 2.14.0, < 4.0)

GIT
  remote: git://github.com/rails-api/active_model_serializers.git
  revision: 5acd98e61be22a05533c9b8076fffbaf79ba0055
  branch: 0-9-stable
  specs:
    active_model_serializers (0.9.0)
      activemodel (>= 3.2)

GIT
  remote: git://github.com/smartlogic/raddocs.git
  revision: d4212f25c631381867dbd28af3d0c94a8842af0a
  specs:
    raddocs (0.4.0)
      haml (~> 4.0, >= 4.0.4)
      json (~> 1.8, >= 1.8.1)
      sinatra (~> 1.3, >= 1.3.0)

GEM
  remote: https://rubygems.org/
  specs:
    actionmailer (4.1.5)
      actionpack (= 4.1.5)
      actionview (= 4.1.5)
      mail (~> 2.5.4)
    actionpack (4.1.5)
      actionview (= 4.1.5)
      activesupport (= 4.1.5)
      rack (~> 1.5.2)
      rack-test (~> 0.6.2)
    actionview (4.1.5)
      activesupport (= 4.1.5)
      builder (~> 3.1)
      erubis (~> 2.7.0)
    active_type (0.2.1)
      activerecord (>= 3.2)
    activemodel (4.1.5)
      activesupport (= 4.1.5)
      builder (~> 3.1)
    activerecord (4.1.5)
      activemodel (= 4.1.5)
      activesupport (= 4.1.5)
      arel (~> 5.0.0)
    activesupport (4.1.5)
      i18n (~> 0.6, >= 0.6.9)
      json (~> 1.7, >= 1.7.7)
      minitest (~> 5.1)
      thread_safe (~> 0.1)
      tzinfo (~> 1.1)
    addressable (2.3.6)
    arel (5.0.1.20140414130214)
    bootstrap-sass (3.1.1.1)
      sass (~> 3.2)
    builder (3.2.2)
    capybara-angular (0.0.4)
      capybara
    childprocess (0.5.5)
      ffi (~> 1.0, >= 1.0.11)
    coderay (1.1.0)
    coffee-rails (4.0.1)
      coffee-script (>= 2.2.0)
      railties (>= 4.0.0, < 5.0)
    coffee-script (2.3.0)
      coffee-script-source
      execjs
    coffee-script-source (1.8.0)
    coveralls (0.7.1)
      multi_json (~> 1.3)
      rest-client
      simplecov (>= 0.7)
      term-ansicolor
      thor
    crack (0.4.2)
      safe_yaml (~> 1.0.0)
    date_validator (0.7.1)
      activemodel
    diff-lcs (1.2.5)
    docile (1.1.5)
    erubis (2.7.0)
    execjs (2.2.1)
    factory_girl (4.4.0)
      activesupport (>= 3.0.0)
    factory_girl_rails (4.4.1)
      factory_girl (~> 4.4.0)
      railties (>= 3.0.0)
    ffi (1.9.5)
    gherkin (2.12.2)
      multi_json (~> 1.3)
    haml (4.0.5)
      tilt
    hike (1.2.3)
    i18n (0.6.11)
    json (1.8.1)
    launchy (2.4.2)
      addressable (~> 2.3)
    mail (2.5.4)
      mime-types (~> 1.16)
      treetop (~> 1.4.8)
    method_source (0.8.2)
    mime-types (1.25.1)
    mini_portile (0.6.0)
    minitest (5.4.2)
    multi_json (1.10.1)
    mustache (0.99.6)
    netrc (0.7.7)
    nokogiri (1.6.3.1)
      mini_portile (= 0.6.0)
    polyglot (0.3.5)
    pry (0.10.1)
      coderay (~> 1.1.0)
      method_source (~> 0.8.1)
      slop (~> 3.4)
    pry-nav (0.2.4)
      pry (>= 0.9.10, < 0.11.0)
    pry-rails (0.3.2)
      pry (>= 0.9.10)
    pundit (0.3.0)
      activesupport (>= 3.0.0)
    rack (1.5.2)
    rack-protection (1.5.3)
      rack
    rack-test (0.6.2)
      rack (>= 1.0)
    rails (4.1.5)
      actionmailer (= 4.1.5)
      actionpack (= 4.1.5)
      actionview (= 4.1.5)
      activemodel (= 4.1.5)
      activerecord (= 4.1.5)
      activesupport (= 4.1.5)
      bundler (>= 1.3.0, < 2.0)
      railties (= 4.1.5)
      sprockets-rails (~> 2.0)
    rails-api (0.2.1)
      actionpack (>= 3.2.11)
      railties (>= 3.2.11)
    railties (4.1.5)
      actionpack (= 4.1.5)
      activesupport (= 4.1.5)
      rake (>= 0.8.7)
      thor (>= 0.18.1, < 2.0)
    rake (10.3.2)
    rest-client (1.7.2)
      mime-types (>= 1.16, < 3.0)
      netrc (~> 0.7)
    rspec (3.0.0)
      rspec-core (~> 3.0.0)
      rspec-expectations (~> 3.0.0)
      rspec-mocks (~> 3.0.0)
    rspec-core (3.0.4)
      rspec-support (~> 3.0.0)
    rspec-expectations (3.0.4)
      diff-lcs (>= 1.2.0, < 2.0)
      rspec-support (~> 3.0.0)
    rspec-mocks (3.0.4)
      rspec-support (~> 3.0.0)
    rspec-rails (3.0.2)
      actionpack (>= 3.0)
      activesupport (>= 3.0)
      railties (>= 3.0)
      rspec-core (~> 3.0.0)
      rspec-expectations (~> 3.0.0)
      rspec-mocks (~> 3.0.0)
      rspec-support (~> 3.0.0)
    rspec-support (3.0.4)
    rspec_api_documentation (4.2.0)
      activesupport (>= 3.0.0)
      json (~> 1.4, >= 1.4.6)
      mustache (~> 0.99, >= 0.99.4)
      rspec (>= 3.0.0)
    rubyzip (1.1.6)
    safe_yaml (1.0.4)
    sass (3.2.19)
    sass-rails (4.0.3)
      railties (>= 4.0.0, < 5.0)
      sass (~> 3.2.0)
      sprockets (~> 2.8, <= 2.11.0)
      sprockets-rails (~> 2.0)
    selenium-webdriver (2.43.0)
      childprocess (~> 0.5)
      multi_json (~> 1.0)
      rubyzip (~> 1.0)
      websocket (~> 1.0)
    simplecov (0.9.1)
      docile (~> 1.1.0)
      multi_json (~> 1.0)
      simplecov-html (~> 0.8.0)
    simplecov-html (0.8.0)
    sinatra (1.4.5)
      rack (~> 1.4)
      rack-protection (~> 1.4)
      tilt (~> 1.3, >= 1.3.4)
    slim (2.0.3)
      temple (~> 0.6.6)
      tilt (>= 1.3.3, < 2.1)
    slim-rails (2.1.5)
      actionpack (>= 3.0, < 4.2)
      activesupport (>= 3.0, < 4.2)
      railties (>= 3.0, < 4.2)
      slim (~> 2.0)
    slop (3.6.0)
    spring (1.1.3)
    sprockets (2.11.0)
      hike (~> 1.2)
      multi_json (~> 1.0)
      rack (~> 1.0)
      tilt (~> 1.1, != 1.3.0)
    sprockets-rails (2.1.4)
      actionpack (>= 3.0)
      activesupport (>= 3.0)
      sprockets (~> 2.8)
    sqlite3 (1.3.9)
    temple (0.6.8)
    term-ansicolor (1.3.0)
      tins (~> 1.0)
    thor (0.19.1)
    thread_safe (0.3.4)
    tilt (1.4.1)
    tins (1.3.3)
    treetop (1.4.15)
      polyglot
      polyglot (>= 0.3.1)
    tzinfo (1.2.2)
      thread_safe (~> 0.1)
    versionist (1.3.0)
      rails (>= 3)
      yard (~> 0.7)
    webmock (1.19.0)
      addressable (>= 2.3.6)
      crack (>= 0.3.2)
    websocket (1.2.1)
    xpath (2.0.0)
      nokogiri (~> 1.3)
    yard (0.8.7.4)

PLATFORMS
  ruby

DEPENDENCIES
  active_model_serializers (~> 0.9.0)!
  active_type (~> 0.2.1)
  bootstrap-sass (~> 3.1.1)
  capybara!
  capybara-angular
  coffee-rails
  coveralls
  date_validator (~> 0.7.1)
  factory_girl_rails
  launchy
  pry-nav
  pry-rails
  pundit (~> 0.3.0)
  raddocs!
  rails (= 4.1.5)
  rails-api (~> 0.2.1)
  rspec-rails (~> 3.0.0)
  rspec_api_documentation
  sass-rails
  selenium-webdriver
  slim-rails
  spring
  sqlite3
  turnip!
  versionist (~> 1.3.0)
  webmock
