GIT
  remote: git://github.com/rails-api/active_model_serializers.git
  revision: dc08f0ec80ce53825dc9bcba878660b13e99e310
  branch: 0-9-stable
  specs:
    active_model_serializers (0.9.3)
      activemodel (>= 3.2)

GIT
  remote: git://github.com/smartlogic/raddocs.git
  revision: d4212f25c631381867dbd28af3d0c94a8842af0a
  specs:
    raddocs (0.4.0)
      haml (~> 4.0, >= 4.0.4)
      json (~> 1.8, >= 1.8.1)
      sinatra (~> 1.3, >= 1.3.0)

GEM
  remote: https://rubygems.org/
  specs:
    actionmailer (4.1.5)
      actionpack (= 4.1.5)
      actionview (= 4.1.5)
      mail (~> 2.5.4)
    actionpack (4.1.5)
      actionview (= 4.1.5)
      activesupport (= 4.1.5)
      rack (~> 1.5.2)
      rack-test (~> 0.6.2)
    actionview (4.1.5)
      activesupport (= 4.1.5)
      builder (~> 3.1)
      erubis (~> 2.7.0)
    active_type (0.2.1)
      activerecord (>= 3.2)
    activemodel (4.1.5)
      activesupport (= 4.1.5)
      builder (~> 3.1)
    activerecord (4.1.5)
      activemodel (= 4.1.5)
      activesupport (= 4.1.5)
      arel (~> 5.0.0)
    activesupport (4.1.5)
      i18n (~> 0.6, >= 0.6.9)
      json (~> 1.7, >= 1.7.7)
      minitest (~> 5.1)
      thread_safe (~> 0.1)
      tzinfo (~> 1.1)
    addressable (2.3.8)
    arel (5.0.1.20140414130214)
    axiom-types (0.1.1)
      descendants_tracker (~> 0.0.4)
      ice_nine (~> 0.11.0)
      thread_safe (~> 0.3, >= 0.3.1)
    bootstrap-sass (3.1.1.1)
      sass (~> 3.2)
    builder (3.2.2)
    capybara (2.4.4)
      mime-types (>= 1.16)
      nokogiri (>= 1.3.3)
      rack (>= 1.0.0)
      rack-test (>= 0.5.4)
      xpath (~> 2.0)
    capybara-angular (0.1.2)
      capybara
    childprocess (0.5.6)
      ffi (~> 1.0, >= 1.0.11)
    coderay (1.1.0)
    coercible (1.0.0)
      descendants_tracker (~> 0.0.1)
    coffee-rails (4.1.0)
      coffee-script (>= 2.2.0)
      railties (>= 4.0.0, < 5.0)
    coffee-script (2.4.1)
      coffee-script-source
      execjs
    coffee-script-source (1.9.1.1)
    coveralls (0.8.2)
      json (~> 1.8)
      rest-client (>= 1.6.8, < 2)
      simplecov (~> 0.10.0)
      term-ansicolor (~> 1.3)
      thor (~> 0.19.1)
    crack (0.4.2)
      safe_yaml (~> 1.0.0)
    date_validator (0.7.1)
      activemodel
    descendants_tracker (0.0.4)
      thread_safe (~> 0.3, >= 0.3.1)
    diff-lcs (1.2.5)
    docile (1.1.5)
    domain_name (0.5.24)
      unf (>= 0.0.5, < 1.0.0)
    equalizer (0.0.11)
    erubis (2.7.0)
    execjs (2.5.2)
    factory_girl (4.5.0)
      activesupport (>= 3.0.0)
    factory_girl_rails (4.5.0)
      factory_girl (~> 4.5.0)
      railties (>= 3.0.0)
    ffi (1.9.10)
    gherkin (2.12.2)
      multi_json (~> 1.3)
    haml (4.0.6)
      tilt
    http-cookie (1.0.2)
      domain_name (~> 0.5)
    i18n (0.7.0)
    ice_nine (0.11.1)
    json (1.8.3)
    launchy (2.4.3)
      addressable (~> 2.3)
    mail (2.5.4)
      mime-types (~> 1.16)
      treetop (~> 1.4.8)
    method_source (0.8.2)
    mime-types (1.25.1)
    mini_portile (0.6.2)
    minitest (5.7.0)
    multi_json (1.11.2)
    mustache (0.99.8)
    netrc (0.10.3)
    nokogiri (1.6.6.2)
      mini_portile (~> 0.6.0)
    polyglot (0.3.5)
    pry (0.10.1)
      coderay (~> 1.1.0)
      method_source (~> 0.8.1)
      slop (~> 3.4)
    pry-nav (0.2.4)
      pry (>= 0.9.10, < 0.11.0)
    pry-rails (0.3.4)
      pry (>= 0.9.10)
    rack (1.5.5)
    rack-protection (1.5.3)
      rack
    rack-test (0.6.3)
      rack (>= 1.0)
    rails (4.1.5)
      actionmailer (= 4.1.5)
      actionpack (= 4.1.5)
      actionview (= 4.1.5)
      activemodel (= 4.1.5)
      activerecord (= 4.1.5)
      activesupport (= 4.1.5)
      bundler (>= 1.3.0, < 2.0)
      railties (= 4.1.5)
      sprockets-rails (~> 2.0)
    rails-api (0.2.1)
      actionpack (>= 3.2.11)
      railties (>= 3.2.11)
    railties (4.1.5)
      actionpack (= 4.1.5)
      activesupport (= 4.1.5)
      rake (>= 0.8.7)
      thor (>= 0.18.1, < 2.0)
    rake (10.4.2)
    rest-client (1.8.0)
      http-cookie (>= 1.0.2, < 2.0)
      mime-types (>= 1.16, < 3.0)
      netrc (~> 0.7)
    rspec (3.3.0)
      rspec-core (~> 3.3.0)
      rspec-expectations (~> 3.3.0)
      rspec-mocks (~> 3.3.0)
    rspec-core (3.3.2)
      rspec-support (~> 3.3.0)
    rspec-expectations (3.3.1)
      diff-lcs (>= 1.2.0, < 2.0)
      rspec-support (~> 3.3.0)
    rspec-mocks (3.3.2)
      diff-lcs (>= 1.2.0, < 2.0)
      rspec-support (~> 3.3.0)
    rspec-rails (3.3.3)
      actionpack (>= 3.0, < 4.3)
      activesupport (>= 3.0, < 4.3)
      railties (>= 3.0, < 4.3)
      rspec-core (~> 3.3.0)
      rspec-expectations (~> 3.3.0)
      rspec-mocks (~> 3.3.0)
      rspec-support (~> 3.3.0)
    rspec-support (3.3.0)
    rspec_api_documentation (4.4.0)
      activesupport (>= 3.0.0)
      json (~> 1.4, >= 1.4.6)
      mustache (~> 0.99, >= 0.99.4)
      rspec (>= 3.0.0)
    rubyzip (1.1.7)
    safe_yaml (1.0.4)
    sass (3.4.16)
    sass-rails (5.0.3)
      railties (>= 4.0.0, < 5.0)
      sass (~> 3.1)
      sprockets (>= 2.8, < 4.0)
      sprockets-rails (>= 2.0, < 4.0)
      tilt (~> 1.1)
    selenium-webdriver (2.46.2)
      childprocess (~> 0.5)
      multi_json (~> 1.0)
      rubyzip (~> 1.0)
      websocket (~> 1.0)
    simplecov (0.10.0)
      docile (~> 1.1.0)
      json (~> 1.8)
      simplecov-html (~> 0.10.0)
    simplecov-html (0.10.0)
    sinatra (1.4.6)
      rack (~> 1.4)
      rack-protection (~> 1.4)
      tilt (>= 1.3, < 3)
    slim (3.0.6)
      temple (~> 0.7.3)
      tilt (>= 1.3.3, < 2.1)
    slim-rails (3.0.1)
      actionmailer (>= 3.1, < 5.0)
      actionpack (>= 3.1, < 5.0)
      activesupport (>= 3.1, < 5.0)
      railties (>= 3.1, < 5.0)
      slim (~> 3.0)
    slop (3.6.0)
    spring (1.3.6)
    sprockets (3.2.0)
      rack (~> 1.0)
    sprockets-rails (2.3.2)
      actionpack (>= 3.0)
      activesupport (>= 3.0)
      sprockets (>= 2.8, < 4.0)
    sqlite3 (1.3.10)
    temple (0.7.6)
    term-ansicolor (1.3.2)
      tins (~> 1.0)
    thor (0.19.1)
    thread_safe (0.3.5)
    tilt (1.4.1)
    tins (1.5.4)
    treetop (1.4.15)
      polyglot
      polyglot (>= 0.3.1)
    turnip (1.3.1)
      gherkin (>= 2.5)
      rspec (>= 2.14.0, < 4.0)
    tzinfo (1.2.2)
      thread_safe (~> 0.1)
    unf (0.1.4)
      unf_ext
    unf_ext (0.0.7.1)
    vcr (2.9.3)
    versionist (1.3.0)
      rails (>= 3)
      yard (~> 0.7)
    virtus (1.0.5)
      axiom-types (~> 0.1)
      coercible (~> 1.0)
      descendants_tracker (~> 0.0, >= 0.0.3)
      equalizer (~> 0.0, >= 0.0.9)
    webmock (1.21.0)
      addressable (>= 2.3.6)
      crack (>= 0.3.2)
    websocket (1.2.2)
    xpath (2.0.0)
      nokogiri (~> 1.3)
    yard (0.8.7.6)

PLATFORMS
  ruby

DEPENDENCIES
  active_model_serializers (~> 0.9.0)!
  active_type (~> 0.2.1)
  bootstrap-sass (~> 3.1.1)
  capybara
  capybara-angular
  coffee-rails
  coveralls
  date_validator (~> 0.7.1)
  factory_girl_rails
  launchy
  pry-nav
  pry-rails
  raddocs!
  rails (= 4.1.5)
  rails-api (~> 0.2.1)
  rspec-rails (~> 3.3)
  rspec_api_documentation (~> 4.4.0)
  sass-rails
  selenium-webdriver (~> 2.46.2)
  slim-rails
  spring
  sqlite3
  turnip
  vcr
  versionist (~> 1.3.0)
  virtus
  webmock
